PATH
  remote: .
  specs:
    active_directory (1.6.1)
      bindata (~> 2)
      net-ldap (~> 0)

GEM
  remote: https://rubygems.org/
  specs:
    bindata (2.1.0)
    minitest (5.7.0)
    net-ldap (0.11)

PLATFORMS
  ruby

DEPENDENCIES
  active_directory!
  minitest (~> 5)

BUNDLED WITH
   1.10.3
