PATH
  remote: .
  specs:
    active_directory (1.6.1)
      bindata (~> 0)
      net-ldap (~> 0)

GEM
  remote: https://rubygems.org/
  specs:
    bindata (0.11.1)
    net-ldap (0.11)

PLATFORMS
  ruby

DEPENDENCIES
  active_directory!
